GEM
  remote: https://rubygems.org/
  specs:
    diff-lcs (1.2.5)
    facter (1.7.4)
    hiera (1.3.1)
      json_pure
    json_pure (1.8.1)
    puppet (3.4.2)
      facter (~> 1.6)
      hiera (~> 1.0)
      rgen (~> 0.6.5)
    rgen (0.6.6)
    rspec (2.14.1)
      rspec-core (~> 2.14.0)
      rspec-expectations (~> 2.14.0)
      rspec-mocks (~> 2.14.0)
    rspec-core (2.14.7)
    rspec-expectations (2.14.5)
      diff-lcs (>= 1.1.3, < 2.0)
    rspec-mocks (2.14.5)
    rspec-puppet (1.0.1)
      rspec

PLATFORMS
  ruby

DEPENDENCIES
  puppet (~> 3)
  rspec-puppet (~> 1)
